GIT
  remote: git://github.com/opscode/omnibus-ruby.git
  revision: 5c8ce5831f2cb6b77ea437aae451fc61c23a2602
  branch: 3.0-stable
  specs:
    omnibus (3.2.2)
      chef-sugar (~> 1.2)
      fpm (~> 0.4)
      mixlib-shellout (~> 1.4)
      ohai (~> 7.2)
      thor (~> 0.18)
      uber-s3

GIT
  remote: git://github.com/opscode/omnibus-software.git
  revision: a974609f94b190a4c99ce13ac3857f0b027b0994
  branch: omnibus/3.2-stable
  specs:
    omnibus-software (3.0.0)

GEM
  remote: https://rubygems.org/
  specs:
    addressable (2.7.0)
      public_suffix (>= 2.0.2, < 5.0)
    arr-pm (0.0.10)
      cabin (> 0)
    backports (3.17.1)
    cabin (0.9.0)
    chef-sugar (1.3.0)
    childprocess (3.0.0)
    clamp (0.6.5)
    ffi (1.12.2)
    ffi-yajl (1.4.0)
      ffi (~> 1.5)
      libyajl2 (~> 1.2)
    fpm (0.4.42)
      arr-pm (~> 0.0.8)
      backports (>= 2.6.2)
      cabin (>= 0.6.0)
      childprocess
      clamp (~> 0.6)
      ftw (~> 0.0.30)
      json (>= 1.7.7)
    ftw (0.0.49)
      addressable (>= 2.4)
      backports (>= 2.6.2)
      cabin (> 0)
      http_parser.rb (~> 0.6)
    http_parser.rb (0.6.0)
    ipaddress (0.8.3)
    json (2.3.0)
    libyajl2 (1.2.0)
    mime-types (1.25.1)
    mixlib-cli (2.1.6)
    mixlib-config (2.2.18)
      tomlrb
    mixlib-log (3.0.8)
    mixlib-shellout (1.6.1)
    ohai (7.4.1)
      ffi (~> 1.9)
      ffi-yajl (~> 1.1)
      ipaddress
      mime-types (~> 1.16)
      mixlib-cli
      mixlib-config (~> 2.0)
      mixlib-log
      mixlib-shellout (~> 1.2)
      systemu (~> 2.6.4)
      wmi-lite (~> 1.0)
    public_suffix (4.0.4)
    systemu (2.6.5)
    thor (0.20.3)
    tomlrb (1.3.0)
    uber-s3 (0.2.4)
      mime-types (~> 1.17)
    wmi-lite (1.0.5)

PLATFORMS
  ruby

DEPENDENCIES
  omnibus!
  omnibus-software!

BUNDLED WITH
   1.17.3
